GEM
  remote: https://rubygems.org/
  specs:
    activemodel (4.2.6)
      activesupport (= 4.2.6)
      builder (~> 3.1)
    activesupport (4.2.6)
      i18n (~> 0.7)
      json (~> 1.7, >= 1.7.7)
      minitest (~> 5.1)
      thread_safe (~> 0.3, >= 0.3.4)
      tzinfo (~> 1.1)
    api-auth (1.4.1)
    axiom-types (0.1.1)
      descendants_tracker (~> 0.0.4)
      ice_nine (~> 0.11.0)
      thread_safe (~> 0.3, >= 0.3.1)
    better_errors (2.1.1)
      coderay (>= 1.0.0)
      erubis (>= 2.6.6)
      rack (>= 0.9.0)
    binding_of_caller (0.7.2)
      debug_inspector (>= 0.0.1)
    bson (4.1.1)
    builder (3.2.2)
    coderay (1.1.1)
    coercible (1.0.0)
      descendants_tracker (~> 0.0.1)
    debug_inspector (0.0.2)
    descendants_tracker (0.0.4)
      thread_safe (~> 0.3, >= 0.3.1)
    diff-lcs (1.2.5)
    easy_diff (1.0.0)
    email_validator (1.6.0)
      activemodel
    equalizer (0.0.11)
    erubis (2.7.0)
    factory_girl (4.7.0)
      activesupport (>= 3.0.0)
    faker (1.6.3)
      i18n (~> 0.5)
    grape (0.7.0)
      activesupport
      builder
      hashie (>= 1.2.0)
      multi_json (>= 1.3.2)
      multi_xml (>= 0.5.2)
      rack (>= 1.3.0)
      rack-accept
      rack-mount
      virtus (>= 1.0.0)
    grape-entity (0.4.4)
      activesupport
      multi_json (>= 1.3.2)
    hashie (3.4.4)
    hashie-forbidden_attributes (0.1.1)
      hashie (>= 3.0)
    i18n (0.7.0)
    ice_nine (0.11.2)
    interception (0.5)
    json (1.8.3)
    method_source (0.8.2)
    minitest (5.9.0)
    mongo (2.2.5)
      bson (~> 4.0)
    mongoid (5.1.3)
      activemodel (~> 4.0)
      mongo (~> 2.1)
      origin (~> 2.2)
      tzinfo (>= 0.3.37)
    mongoid-compatibility (0.4.0)
      activesupport
      mongoid (>= 2.0)
    mongoid-history (0.5.0)
      activesupport
      easy_diff
      mongoid (>= 3.0)
      mongoid-compatibility
    mongoid_userstamp (0.4.0)
      mongoid (>= 3.0.4)
    multi_json (1.12.1)
    multi_xml (0.5.5)
    newrelic_rpm (3.15.2.317)
    oj (2.15.0)
    origin (2.2.0)
    pinglish (0.2.1)
      rack
    pry (0.10.3)
      coderay (~> 1.1.0)
      method_source (~> 0.8.1)
      slop (~> 3.4)
    pry-rescue (1.4.4)
      interception (>= 0.5)
      pry
    pry-stack_explorer (0.4.9.2)
      binding_of_caller (>= 0.7)
      pry (>= 0.9.11)
    puma (3.4.0)
    rack (1.6.4)
    rack-accept (0.4.5)
      rack (>= 0.4)
    rack-mount (0.8.3)
      rack (>= 1.0.0)
    rack-test (0.6.3)
      rack (>= 1.0)
    rake (11.1.2)
    request_store (1.3.1)
    rspec (3.4.0)
      rspec-core (~> 3.4.0)
      rspec-expectations (~> 3.4.0)
      rspec-mocks (~> 3.4.0)
    rspec-core (3.4.4)
      rspec-support (~> 3.4.0)
    rspec-expectations (3.4.0)
      diff-lcs (>= 1.2.0, < 2.0)
      rspec-support (~> 3.4.0)
    rspec-its (1.2.0)
      rspec-core (>= 3.0.0)
      rspec-expectations (>= 3.0.0)
    rspec-mocks (3.4.1)
      diff-lcs (>= 1.2.0, < 2.0)
      rspec-support (~> 3.4.0)
    rspec-support (3.4.1)
    shotgun (0.9.1)
      rack (>= 1.0)
    slop (3.6.0)
    thread_safe (0.3.5)
    tilt (2.0.4)
    trogdir_models (0.17.0)
      api-auth (~> 1.0)
      email_validator (~> 1.4)
      mongoid (~> 5.1)
      mongoid-history (~> 0.5)
      mongoid_userstamp (~> 0.4)
      request_store (~> 1.1)
    turnout (2.3.1)
      rack (~> 1.3)
      rack-accept (~> 0.4)
      tilt (>= 1.4, < 3)
    tzinfo (1.2.2)
      thread_safe (~> 0.1)
    virtus (1.0.5)
      axiom-types (~> 0.1)
      coercible (~> 1.0)
      descendants_tracker (~> 0.0, >= 0.0.3)
      equalizer (~> 0.0, >= 0.0.9)

PLATFORMS
  ruby

DEPENDENCIES
  api-auth (= 1.4.1)
  better_errors (~> 2.1)
  binding_of_caller (~> 0.7)
  factory_girl (~> 4.7)
  faker (~> 1.6)
  grape (= 0.7.0)
  grape-entity (= 0.4.4)
  hashie-forbidden_attributes (~> 0.1.1)
  newrelic_rpm (~> 3.15, < 4)
  oj (~> 2.10)
  pinglish (~> 0.2.1)
  pry (~> 0.10)
  pry-rescue (~> 1.4)
  pry-stack_explorer (~> 0.4)
  puma (~> 3.4)
  rack-test (~> 0.6)
  rake (~> 11.1)
  rspec (~> 3.4)
  rspec-its (~> 1.2)
  shotgun (~> 0.9)
  trogdir_models (~> 0.17.0)
  turnout (~> 2.3)

BUNDLED WITH
   1.12.3
